PATH
  remote: .
  specs:
    rest-more (2.0.0)
      rest-core (>= 2.0.0)

PATH
  remote: rest-core
  specs:
    rest-core (2.0.2)
      rest-client

GEM
  remote: http://rubygems.org/
  specs:
    addressable (2.3.2)
    bacon (1.2.0)
    cookiejar (0.3.0)
    crack (0.3.2)
    em-http-request (1.0.3)
      addressable (>= 2.2.3)
      cookiejar
      em-socksify
      eventmachine (>= 1.0.0.beta.4)
      http_parser.rb (>= 0.5.3)
    em-socksify (0.2.1)
      eventmachine (>= 1.0.0.beta.4)
    eventmachine (1.0.0)
    http_parser.rb (0.5.3)
    json (1.7.6)
    json_pure (1.7.6)
    mime-types (1.20.1)
    multi_json (1.5.0)
    rack (1.5.1)
    rake (10.0.3)
    rest-client (1.6.7)
      mime-types (>= 1.16)
    rr (1.0.4)
    ruby-hmac (0.4.0)
    webmock (1.9.0)
      addressable (>= 2.2.7)
      crack (>= 0.1.7)
    yajl-ruby (1.1.0)

PLATFORMS
  ruby

DEPENDENCIES
  bacon
  em-http-request
  jruby-openssl
  json
  json_pure
  multi_json
  rack
  rake
  rest-client
  rest-core!
  rest-more!
  rr
  ruby-hmac
  webmock
  yajl-ruby
